PATH
  remote: .
  specs:
    mini_fb (2.0.0)
      hashie
      httpclient

GEM
  remote: https://rubygems.org/
  specs:
    activesupport (3.2.22.5)
      i18n (~> 0.6, >= 0.6.4)
      multi_json (~> 1.0)
    diff-lcs (1.1.3)
    git (1.2.5)
    hashie (5.0.0)
    httpclient (2.8.3)
    i18n (0.6.11)
    jeweler2 (2.0.9)
      git (>= 1.2.5)
    multi_json (1.15.0)
    rake (10.0.3)
    rspec (2.11.0)
      rspec-core (~> 2.11.0)
      rspec-expectations (~> 2.11.0)
      rspec-mocks (~> 2.11.0)
    rspec-core (2.11.1)
    rspec-expectations (2.11.3)
      diff-lcs (~> 1.1.3)
    rspec-mocks (2.11.2)

PLATFORMS
  ruby

DEPENDENCIES
  activesupport
  jeweler2
  mini_fb!
  rake
  rspec (~> 2.11.0)
